PATH
  remote: .
  specs:
    docker-cli (0.4.0)
      colorize
      ptools
      teLogger
      tty-command
      tty-prompt

GIT
  remote: toolrack
  revision: f947895073961ec3bb26c7dd415c426203a6ab39
  branch: master
  specs:
    toolrack (0.23.2)

GEM
  remote: https://rubygems.org/
  specs:
    colorize (1.1.0)
    diff-lcs (1.5.0)
    git_cli (0.12.0)
      ptools (~> 1.4.0)
      teLogger
      toolrack
    gvcs (0.1.2)
    pastel (0.8.0)
      tty-color (~> 0.5)
    ptools (1.4.3)
    rake (13.0.6)
    release-gem (0.1.25)
      colorize
      git_cli
      gvcs
      teLogger
      toolrack
      tty-command
      tty-prompt
    rspec (3.12.0)
      rspec-core (~> 3.12.0)
      rspec-expectations (~> 3.12.0)
      rspec-mocks (~> 3.12.0)
    rspec-core (3.12.2)
      rspec-support (~> 3.12.0)
    rspec-expectations (3.12.3)
      diff-lcs (>= 1.2.0, < 2.0)
      rspec-support (~> 3.12.0)
    rspec-mocks (3.12.6)
      diff-lcs (>= 1.2.0, < 2.0)
      rspec-support (~> 3.12.0)
    rspec-support (3.12.1)
    teLogger (0.2.2)
    tty-color (0.6.0)
    tty-command (0.10.1)
      pastel (~> 0.8)
    tty-cursor (0.7.1)
    tty-prompt (0.23.1)
      pastel (~> 0.8)
      tty-reader (~> 0.8)
    tty-reader (0.9.0)
      tty-cursor (~> 0.7)
      tty-screen (~> 0.8)
      wisper (~> 2.0)
    tty-screen (0.8.1)
    wisper (2.0.1)

PLATFORMS
  ruby
  x86_64-linux

DEPENDENCIES
  docker-cli!
  rake (~> 13.0)
  release-gem
  rspec (~> 3.0)
  toolrack!

BUNDLED WITH
   2.4.18
